PATH
  remote: .
  specs:
    CA_breweries (0.1.1)

GEM
  remote: https://rubygems.org/
  specs:
    coderay (1.1.2)
    gem_semver (0.3.0)
    method_source (0.9.2)
    pry (0.12.2)
      coderay (~> 1.1.0)
      method_source (~> 0.9.0)
    rake (10.5.0)

PLATFORMS
  ruby

DEPENDENCIES
  CA_breweries!
  bundler
  gem_semver
  pry
  rake (~> 10.0)

BUNDLED WITH
   2.0.1
